GEM
  remote: https://rubygems.org/
  specs:
    rake (13.2.1)

PLATFORMS
  x86_64-darwin-22

DEPENDENCIES
  rake (~> 13.2)

BUNDLED WITH
   2.4.22
